GEM
  remote: https://rubygems.org/
  specs:
    coderay (1.1.3)
    daemons (1.4.1)
    diff-lcs (1.5.1)
    dotenv (2.8.1)
    eventmachine (1.2.7)
    given_core (3.8.2)
      sorcerer (>= 0.3.7)
    lmdb (0.6.2)
    method_source (1.1.0)
    mustache (1.1.1)
    pry (0.14.2)
      coderay (~> 1.1)
      method_source (~> 1.0)
    rack (2.2.9)
    rake (13.2.1)
    redcarpet (3.6.0)
    rspec (3.13.0)
      rspec-core (~> 3.13.0)
      rspec-expectations (~> 3.13.0)
      rspec-mocks (~> 3.13.0)
    rspec-core (3.13.1)
      rspec-support (~> 3.13.0)
    rspec-expectations (3.13.3)
      diff-lcs (>= 1.2.0, < 2.0)
      rspec-support (~> 3.13.0)
    rspec-given (3.8.2)
      given_core (= 3.8.2)
      rspec (>= 2.14.0)
    rspec-mocks (3.13.1)
      diff-lcs (>= 1.2.0, < 2.0)
      rspec-support (~> 3.13.0)
    rspec-support (3.13.1)
    sorcerer (2.0.1)
    squares (0.3.1)
    thin (1.8.2)
      daemons (~> 1.0, >= 1.0.9)
      eventmachine (~> 1.0, >= 1.0.4)
      rack (>= 1, < 3)
    timecop (0.9.10)
    token_chain (0.1.0)
      squares (>= 0.3.0)

PLATFORMS
  ruby

DEPENDENCIES
  bundler (~> 2.5.18)
  dotenv (~> 2.8)
  lmdb (~> 0.6)
  mustache (~> 1.1)
  pry (~> 0.14)
  rack (~> 2.2)
  rake (~> 13.0)
  redcarpet (~> 3.6)
  rspec (~> 3.12)
  rspec-given (~> 3.8)
  squares (~> 0.3.1)
  thin (~> 1.8)
  timecop (~> 0.9)
  token_chain

BUNDLED WITH
   2.5.18
