GEM
  remote: https://rubygems.org/
  specs:
    async-rack (0.5.1)
      rack (~> 1.1)
    coderay (1.1.0)
    daemons (1.1.9)
    diff-lcs (1.2.5)
    dotenv (1.0.2)
    eventmachine (1.0.3)
    fiddler-rb (0.1.2)
    given_core (3.5.4)
      sorcerer (>= 0.3.7)
    leveldb (0.1.9)
      fiddler-rb (~> 0.1.1)
    method_source (0.8.2)
    mustache (1.0.0)
    pry (0.10.1)
      coderay (~> 1.1.0)
      method_source (~> 0.8.1)
      slop (~> 3.4)
    rack (1.5.2)
    rake (10.1.0)
    redcarpet (3.2.2)
    rspec (3.1.0)
      rspec-core (~> 3.1.0)
      rspec-expectations (~> 3.1.0)
      rspec-mocks (~> 3.1.0)
    rspec-core (3.1.7)
      rspec-support (~> 3.1.0)
    rspec-expectations (3.1.2)
      diff-lcs (>= 1.2.0, < 2.0)
      rspec-support (~> 3.1.0)
    rspec-given (3.5.4)
      given_core (= 3.5.4)
      rspec (>= 2.12)
    rspec-mocks (3.1.3)
      rspec-support (~> 3.1.0)
    rspec-support (3.1.2)
    slop (3.6.0)
    sorcerer (1.0.2)
    squares (0.2.9)
    thin (1.6.3)
      daemons (~> 1.0, >= 1.0.9)
      eventmachine (~> 1.0)
      rack (~> 1.0)
    timecop (0.7.1)
    token_chain (0.0.2)

PLATFORMS
  ruby

DEPENDENCIES
  async-rack
  dotenv
  leveldb
  mustache
  pry
  rack
  rake
  redcarpet
  rspec
  rspec-given
  squares
  thin
  timecop
  token_chain
