GEM
  remote: https://rubygems.org/
  specs:
    async-rack (0.5.1)
      rack (~> 1.1)
    coderay (1.1.1)
    daemons (1.2.4)
    diff-lcs (1.3)
    dotenv (2.2.0)
    eventmachine (1.2.3)
    fiddler-rb (0.1.2)
    given_core (3.8.0)
      sorcerer (>= 0.3.7)
    leveldb (0.1.9)
      fiddler-rb (~> 0.1.1)
    methadone (1.8.0)
      bundler
    method_source (0.8.2)
    mustache (1.0.5)
    poke-stick (0.0.1)
      methadone (~> 1.8.0)
      rack (~> 1.6.0)
    pry (0.10.4)
      coderay (~> 1.1.0)
      method_source (~> 0.8.1)
      slop (~> 3.4)
    rack (1.6.5)
    rake (12.0.0)
    redcarpet (3.4.0)
    rspec (3.5.0)
      rspec-core (~> 3.5.0)
      rspec-expectations (~> 3.5.0)
      rspec-mocks (~> 3.5.0)
    rspec-core (3.5.4)
      rspec-support (~> 3.5.0)
    rspec-expectations (3.5.0)
      diff-lcs (>= 1.2.0, < 2.0)
      rspec-support (~> 3.5.0)
    rspec-given (3.8.0)
      given_core (= 3.8.0)
      rspec (>= 2.14.0)
    rspec-mocks (3.5.0)
      diff-lcs (>= 1.2.0, < 2.0)
      rspec-support (~> 3.5.0)
    rspec-support (3.5.0)
    slop (3.6.0)
    sorcerer (1.0.2)
    squares (0.3.1)
    thin (1.7.0)
      daemons (~> 1.0, >= 1.0.9)
      eventmachine (~> 1.0, >= 1.0.4)
      rack (>= 1, < 3)
    timecop (0.8.1)
    token_chain (0.1.0)
      squares (>= 0.3.0)

PLATFORMS
  ruby

DEPENDENCIES
  async-rack
  dotenv
  leveldb
  mustache
  poke-stick
  pry
  rack
  rake
  redcarpet
  rspec
  rspec-given
  squares
  thin
  timecop
  token_chain

BUNDLED WITH
   1.14.6
